PATH
  remote: .
  specs:
    jquery-bootstrap-pagination (1.0.4.1)

GEM
  remote: https://rubygems.org/
  specs:
    addressable (2.3.2)
    childprocess (0.3.6)
      ffi (~> 1.0, >= 1.0.6)
    coderay (1.0.8)
    coffee-script (2.2.0)
      coffee-script-source
      execjs
    coffee-script-source (1.4.0)
    diff-lcs (1.1.3)
    execjs (1.4.0)
      multi_json (~> 1.0)
    ffi (1.2.0)
    guard (1.5.4)
      listen (>= 0.4.2)
      lumberjack (>= 1.0.2)
      pry (>= 0.9.10)
      thor (>= 0.14.6)
    guard-coffeescript (1.2.1)
      coffee-script (>= 2.2.0)
      guard (>= 1.1.0)
    guard-jasmine-headless-webkit (0.3.2)
      guard (>= 0.4.0)
      jasmine-headless-webkit (>= 0.7.0)
    hike (1.2.1)
    jasmine (1.3.0)
      jasmine-core (>= 1.3.0)
      rack (~> 1.0)
      rspec (>= 1.3.1)
      selenium-webdriver (>= 0.1.3)
    jasmine-core (1.3.0)
    jasmine-headless-webkit (0.8.4)
      coffee-script
      jasmine-core (~> 1.1)
      multi_json
      rainbow
      sprockets (~> 2)
    libwebsocket (0.1.7.1)
      addressable
      websocket
    listen (0.6.0)
    lumberjack (1.0.2)
    method_source (0.8.1)
    multi_json (1.4.0)
    pry (0.9.10)
      coderay (~> 1.0.5)
      method_source (~> 0.8)
      slop (~> 3.3.1)
    rack (1.4.1)
    rainbow (1.1.4)
    rake (10.0.4)
    rb-fsevent (0.9.2)
    rspec (2.12.0)
      rspec-core (~> 2.12.0)
      rspec-expectations (~> 2.12.0)
      rspec-mocks (~> 2.12.0)
    rspec-core (2.12.1)
    rspec-expectations (2.12.0)
      diff-lcs (~> 1.1.3)
    rspec-mocks (2.12.0)
    rubyzip (0.9.9)
    selenium-webdriver (2.26.0)
      childprocess (>= 0.2.5)
      libwebsocket (~> 0.1.3)
      multi_json (~> 1.0)
      rubyzip
    slop (3.3.3)
    sprockets (2.8.1)
      hike (~> 1.2)
      multi_json (~> 1.0)
      rack (~> 1.0)
      tilt (~> 1.1, != 1.3.0)
    thor (0.16.0)
    tilt (1.3.3)
    websocket (1.0.4)

PLATFORMS
  ruby

DEPENDENCIES
  guard-coffeescript
  guard-jasmine-headless-webkit
  jasmine
  jasmine-headless-webkit
  jquery-bootstrap-pagination!
  rake
  rb-fsevent
